GEM
  remote: http://rubygems.org/
  specs:
    actionmailer (4.0.0)
      actionpack (= 4.0.0)
      mail (~> 2.5.3)
    actionpack (4.0.0)
      activesupport (= 4.0.0)
      builder (~> 3.1.0)
      erubis (~> 2.7.0)
      rack (~> 1.5.2)
      rack-test (~> 0.6.2)
    activemodel (4.0.0)
      activesupport (= 4.0.0)
      builder (~> 3.1.0)
    activerecord (4.0.0)
      activemodel (= 4.0.0)
      activerecord-deprecated_finders (~> 1.0.2)
      activesupport (= 4.0.0)
      arel (~> 4.0.0)
    activerecord-deprecated_finders (1.0.3)
    activesupport (4.0.0)
      i18n (~> 0.6, >= 0.6.4)
      minitest (~> 4.2)
      multi_json (~> 1.3)
      thread_safe (~> 0.1)
      tzinfo (~> 0.3.37)
    ansi (1.4.3)
    arel (4.0.0)
    atomic (1.1.14)
    backbone-on-rails (1.0.0.1)
      eco
      ejs
      jquery-rails
      rails (>= 3.1)
    builder (3.1.4)
    celluloid (0.15.2)
      timers (~> 1.1.0)
    coderay (1.0.9)
    coffee-rails (4.0.0)
      coffee-script (>= 2.2.0)
      railties (>= 4.0.0.beta, < 5.0)
    coffee-script (2.2.0)
      coffee-script-source
      execjs
    coffee-script-source (1.6.3)
    commonjs (0.2.6)
    database_cleaner (1.1.1)
    eco (1.0.0)
      coffee-script
      eco-source
      execjs
    eco-source (1.1.0.rc.1)
    ejs (1.1.1)
    erubis (2.7.0)
    execjs (2.0.2)
    factory_girl (4.2.0)
      activesupport (>= 3.0.0)
    ffi (1.9.0)
    formatador (0.2.4)
    guard (2.2.2)
      formatador (>= 0.2.4)
      listen (~> 2.1)
      lumberjack (~> 1.0)
      pry (>= 0.9.12)
      thor (>= 0.18.1)
    guard-minitest (2.0.0)
      guard (~> 2.0)
      minitest (>= 3.0)
    hike (1.2.3)
    hirb (0.7.1)
    i18n (0.6.5)
    jbuilder (1.5.2)
      activesupport (>= 3.0.0)
      multi_json (>= 1.2.0)
    jquery-rails (3.0.4)
      railties (>= 3.0, < 5.0)
      thor (>= 0.14, < 2.0)
    jquery-ui-rails (4.0.4)
      jquery-rails
      railties (>= 3.1.0)
    jwt (0.1.8)
      multi_json (>= 1.5)
    kgio (2.8.0)
    less (2.2.2)
      commonjs (~> 0.2.6)
    less-rails (2.2.6)
      actionpack (>= 3.1)
      less (~> 2.2.0)
    libv8 (3.3.10.4)
    listen (2.2.0)
      celluloid (>= 0.15.2)
      rb-fsevent (>= 0.9.3)
      rb-inotify (>= 0.9)
    lumberjack (1.0.4)
    mail (2.5.4)
      mime-types (~> 1.16)
      treetop (~> 1.4.8)
    metaclass (0.0.1)
    method_source (0.8.2)
    mime-types (1.25)
    minitest (4.7.5)
    mocha (0.14.0)
      metaclass (~> 0.0.1)
    multi_json (1.8.1)
    pg (0.16.0)
    polyglot (0.3.3)
    pry (0.9.12.2)
      coderay (~> 1.0.5)
      method_source (~> 0.8)
      slop (~> 3.4)
    rack (1.5.2)
    rack-test (0.6.2)
      rack (>= 1.0)
    rails (4.0.0)
      actionmailer (= 4.0.0)
      actionpack (= 4.0.0)
      activerecord (= 4.0.0)
      activesupport (= 4.0.0)
      bundler (>= 1.3.0, < 2.0)
      railties (= 4.0.0)
      sprockets-rails (~> 2.0.0)
    rails-timeago (2.7.1)
      actionpack (>= 3.1)
      activesupport (>= 3.1)
    rails_12factor (0.0.2)
      rails_serve_static_assets
      rails_stdout_logging
    rails_serve_static_assets (0.0.1)
    rails_stdout_logging (0.0.1)
    railties (4.0.0)
      actionpack (= 4.0.0)
      activesupport (= 4.0.0)
      rake (>= 0.8.7)
      thor (>= 0.18.1, < 2.0)
    raindrops (0.11.0)
    rake (10.1.0)
    ranked-model (0.3)
      activerecord (>= 3.1.12)
    rb-fsevent (0.9.3)
    rb-inotify (0.9.2)
      ffi (>= 0.5.0)
    rest-client (1.6.7)
      mime-types (>= 1.16)
    sass (3.2.12)
    sass-rails (4.0.0)
      railties (>= 4.0.0.beta, < 5.0)
      sass (>= 3.1.10)
      sprockets-rails (~> 2.0.0)
    sequel (3.20.0)
    sinatra (1.0)
      rack (>= 1.0)
    slop (3.4.6)
    sprockets (2.10.0)
      hike (~> 1.2)
      multi_json (~> 1.0)
      rack (~> 1.0)
      tilt (~> 1.1, != 1.3.0)
    sprockets-rails (2.0.0)
      actionpack (>= 3.0)
      activesupport (>= 3.0)
      sprockets (~> 2.8)
    taps (0.3.24)
      rack (>= 1.0.1)
      rest-client (>= 1.4.0, < 1.7.0)
      sequel (~> 3.20.0)
      sinatra (~> 1.0.0)
    therubyracer (0.10.1)
      libv8 (~> 3.3.10)
    thor (0.18.1)
    thread_safe (0.1.3)
      atomic
    tilt (1.4.1)
    timers (1.1.0)
    treetop (1.4.15)
      polyglot
      polyglot (>= 0.3.1)
    turn (0.9.6)
      ansi
    twilio-ruby (3.11.1)
      builder (>= 2.1.2)
      jwt (>= 0.1.2)
      multi_json (>= 1.3.0)
    twitter-bootstrap-rails (2.1.1)
      actionpack (>= 3.1)
      less-rails (~> 2.2.2)
      railties (>= 3.1)
      therubyracer (= 0.10.1)
    tzinfo (0.3.38)
    uglifier (2.2.1)
      execjs (>= 0.3.0)
      multi_json (~> 1.0, >= 1.0.2)
    unicorn (4.6.3)
      kgio (~> 2.6)
      rack
      raindrops (~> 0.7)

PLATFORMS
  ruby

DEPENDENCIES
  backbone-on-rails
  coffee-rails (~> 4.0.0)
  database_cleaner
  factory_girl
  guard-minitest
  hirb
  jbuilder (~> 1.2)
  jquery-rails
  jquery-ui-rails
  minitest (~> 4.7)
  mocha
  pg
  pry
  rails (= 4.0.0)
  rails-timeago
  rails_12factor
  ranked-model
  sass-rails (~> 4.0.0)
  taps
  turn (~> 0.9.6)
  twilio-ruby
  twitter-bootstrap-rails
  uglifier (>= 1.3.0)
  unicorn
